GIT
  remote: git://github.com/makevoid/react.rb.git
  revision: 5507d30fad4720cc1f6deed41507fb2634397685
  specs:
    react.rb (0.3.0)
      opal (~> 0.7.2)
      opal-activesupport (~> 0)
      react-jsx (~> 0.8.0)
      sprockets (>= 2.2.3, < 3.0.0)
      therubyracer (~> 0)

GEM
  remote: http://rubygems.org/
  specs:
    execjs (2.5.2)
    hike (1.2.3)
    json (1.8.3)
    libv8 (3.16.14.11)
    multi_json (1.11.2)
    opal (0.7.2)
      hike (~> 1.2)
      sourcemap (~> 0.1.0)
      sprockets (>= 2.2.3, < 3.0.0)
      tilt (~> 1.4)
    opal-activesupport (0.1.0)
      opal (>= 0.5.0, < 1.0.0)
    rack (1.6.4)
    react-jsx (0.8.0)
      execjs (>= 2.0.2)
      json (>= 1.8.0)
      react-source (>= 0.4.1)
    react-source (0.13.3)
    ref (2.0.0)
    sourcemap (0.1.1)
    sprockets (2.12.4)
      hike (~> 1.2)
      multi_json (~> 1.0)
      rack (~> 1.0)
      tilt (~> 1.1, != 1.3.0)
    therubyracer (0.12.2)
      libv8 (~> 3.16.14.0)
      ref
    tilt (1.4.1)

PLATFORMS
  ruby

DEPENDENCIES
  react.rb!

BUNDLED WITH
   1.10.4
